{
  "aor": 0.01791289719626168,
  "aqi": 0.04658579252336448,
  "bids_meta": {
    "DeviceSerialNumber": "35427",
    "DwellTime": 3e-06,
    "EchoTime": 0.02,
    "EffectiveEchoSpacing": 0.000424997,
    "FlipAngle": 80,
    "InstitutionName": "CAMRI, Nortwestern University",
    "Instructions": "Press the 1st finger for correct answers or when the blue square appears. Press the 2nd finger for incorrect answers.",
    "MagneticFieldStrength": 3,
    "Manufacturer": "SIEMENS",
    "ManufacturerModelName": "TrioTim",
    "MatrixCoilMode": "Auto (Triple)",
    "NumberOfSlices": 32,
    "NumberOfVolumesDiscardedByUser": 6,
    "ParallelAcquisitionTechnique": "GRAPPA",
    "ParallelReductionFactorInPlane": 2,
    "PartialFourier": 0.75,
    "PhaseEncodingDirection": "j-",
    "PulseSequenceDetails": "%CustomerSeq%/todd_ep2d_trig",
    "PulseSequenceType": "susceptibility weighted single-shot EPI",
    "ReceiveCoilName": "HeadMatrix",
    "RepetitionTime": 2,
    "ScanOptions": "PFP_FS",
    "ScanningSequence": "EP",
    "SequenceName": "epfid2d1_120",
    "SequenceVariant": "SK",
    "SliceThickness": 3,
    "SliceTiming": [
      1.005,
      0,
      1.0675,
      0.0625,
      1.13,
      0.1275,
      1.1925,
      0.19,
      1.255,
      0.2525,
      1.3175,
      0.315,
      1.38,
      0.3775,
      1.4425,
      0.44,
      1.5075,
      0.5025,
      1.57,
      0.565,
      1.6325,
      0.6275,
      1.695,
      0.69,
      1.7575,
      0.7525,
      1.82,
      0.8175,
      1.8825,
      0.88,
      1.945,
      0.9425
    ],
    "SoftwareVersions": "syngo MR B17",
    "TaskDescription": "Subjects were presented with a single digit subtraction problem (prime) followed by an answer (target). 24 number pairs were used. These number pairs were broken down into 12 ‘easy’ and 12 ‘hard’ problems. Easy problems were characterized by a small difference in the first and second operand (i.e. 1, 2 or 3). Harder problems were characterized by a larger difference between the first and second operand (i.e. 4, 5 or 6), and a large first operand (i.e. 6, 7, 8 or 9). Tie problems (e.g. 5-5) and problems involving 0 or 1 as second operand were not included. Each problem was repeated twice with a true answer, and once with a false answer provided as the target. False answers were generated by adding 1 or 2 to the correct answer (e.g. 8 – 2 = 7), or by subtracting 1 from the correct answer (e.g., 8 – 2 = 5). Each stimulus was presented for 800 ms on a white background separated by a 200 ms interstimulus interval. The target stimulus was followed by a red fixation square lasting 2200-3000 ms. Participants could respond as soon as the target was presented until the beginning of the next trial unless otherwise noted in README file. Twenty-four control trials were included to take motor responses into account. In these trials a blue square was presented for 800 ms followed by a red fixation square lasting 2200-3000 ms. This yielded 96 trials. Trials were divided into two separate 48 trial runs titled task-Sub_run-01 and task-Sub_run-02. Each run ended with the presentation of a red square for 22000 ms.",
    "TaskName": "Single-Digit Subtraction",
    "TotalReadoutTime": 0.0505746,
    "modality": "bold",
    "run_id": "01",
    "session_id": "T1",
    "subject_id": "107",
    "task_id": "Sub",
    "trial_type": {
      "Efalse": "Easy problem with incorrect answer",
      "Etrue": "Easy problem with correct answer",
      "Hfalse": "Hard problem with incorrect answer",
      "Htrue": "Hard problem with correct answer",
      "control": "Blue box judgement"
    }
  },
  "dummy_trs": 0,
  "dvars_nstd": 45.318201514905645,
  "dvars_std": 1.1858839248113209,
  "dvars_vstd": 1.1274158285849056,
  "efc": 0.5092540824958421,
  "fber": 7367.103515625,
  "fd_mean": 0.5810529261147431,
  "fd_num": 63,
  "fd_perc": 58.87850467289719,
  "fwhm_avg": 3.0532908368784315,
  "fwhm_x": 3.0114385454545456,
  "fwhm_y": 3.989888,
  "fwhm_z": 2.158545965180748,
  "gcor": 0.0140386,
  "gsr_x": -0.003299206728115678,
  "gsr_y": 0.02544865384697914,
  "provenance": {
    "md5sum": "352b438f9e53be6a77edf39d9b944d81",
    "settings": {
      "fd_thres": 0.2,
      "hmc_fsl": false
    },
    "software": "mriqc",
    "version": "0.11.0",
    "webapi_port": null,
    "webapi_url": null
  },
  "size_t": 107,
  "size_x": 128,
  "size_y": 120,
  "size_z": 32,
  "snr": 6.294173361271829,
  "spacing_tr": 2.0,
  "spacing_x": 1.71875,
  "spacing_y": 1.71875,
  "spacing_z": 3.4800000190734863,
  "summary_bg_k": 56.396674080817476,
  "summary_bg_mad": 4.941280841827393,
  "summary_bg_mean": 24.98819923400879,
  "summary_bg_median": 10.139482498168945,
  "summary_bg_n": 297155.0,
  "summary_bg_p05": 5.454204654693603,
  "summary_bg_p95": 95.00245819091779,
  "summary_bg_stdv": 55.15645980834961,
  "summary_fg_k": 6.178962221709858,
  "summary_fg_mad": 108.80765533447266,
  "summary_fg_mean": 888.9197998046875,
  "summary_fg_median": 895.5763549804688,
  "summary_fg_n": 117081.0,
  "summary_fg_p05": 679.3543701171875,
  "summary_fg_p95": 1080.069580078125,
  "summary_fg_stdv": 142.2859649658203,
  "tsnr": 31.477306365966797
}