{
  "aor": 0.006232037037037038,
  "aqi": 0.025557358333333325,
  "bids_meta": {
    "DeviceSerialNumber": "35427",
    "DwellTime": 3e-06,
    "EchoTime": 0.02,
    "EffectiveEchoSpacing": 0.000424997,
    "FlipAngle": 80,
    "InstitutionName": "CAMRI, Nortwestern University",
    "Instructions": "Press the 1st finger for correct answers or when the blue square appears. Press the 2nd finger for incorrect answers.",
    "MagneticFieldStrength": 3,
    "Manufacturer": "SIEMENS",
    "ManufacturerModelName": "TrioTim",
    "MatrixCoilMode": "Auto (Triple)",
    "NumberOfSlices": 32,
    "NumberOfVolumesDiscardedByUser": 6,
    "ParallelAcquisitionTechnique": "GRAPPA",
    "ParallelReductionFactorInPlane": 2,
    "PartialFourier": 0.75,
    "PhaseEncodingDirection": "j-",
    "PulseSequenceDetails": "%CustomerSeq%/todd_ep2d_trig",
    "PulseSequenceType": "susceptibility weighted single-shot EPI",
    "ReceiveCoilName": "HeadMatrix",
    "RepetitionTime": 2,
    "ScanOptions": "PFP_FS",
    "ScanningSequence": "EP",
    "SequenceName": "epfid2d1_120",
    "SequenceVariant": "SK",
    "SliceThickness": 3,
    "SliceTiming": [
      1.005,
      0,
      1.0675,
      0.0625,
      1.13,
      0.1275,
      1.1925,
      0.19,
      1.255,
      0.2525,
      1.3175,
      0.315,
      1.38,
      0.3775,
      1.4425,
      0.44,
      1.5075,
      0.5025,
      1.57,
      0.565,
      1.6325,
      0.6275,
      1.695,
      0.69,
      1.7575,
      0.7525,
      1.82,
      0.8175,
      1.8825,
      0.88,
      1.945,
      0.9425
    ],
    "SoftwareVersions": "syngo MR B17",
    "TaskDescription": "Subjects were presented with a single digit multiplication problem (prime) followed by an answer (target). 24 number pairs were used. These number pairs were broken down into 12 ‘easy’ and 12 ‘hard’ problems. Easy problems were characterized as two operands that were less than or equal to 5 (e.g. 2 x 4). Hard problems contained two operands that were larger than 5 (e.g. 9 x 6). Tie problems (e.g. 5x5) and problems involving 0 or 1 as second operand were not included. Each problem was repeated twice with a true answer, and once with a false answer provided as the target. False answers were the answer to the problem that would be obtained by adding or subtracting 1 to the first operand (e.g. 9 x 6 = 48, 9 x 6 = 60). Each stimulus was presented on a white background for 800 ms separated by a 200 ms interstimulus interval. The target stimulus was followed by a red fixation square lasting 2200-3000 ms. Participants could respond as soon as the target was presented until the beginning of the next trial. Twenty-four control trials were included to take motor responses into account. In these trials a blue square was presented for 800 ms followed by a red fixation square lasting 2200-3000 ms. This yielded 96 trials. Trials were divided into two separate 48 trial runs titled task-Mult_run-01 and task-Mult_run-02. Each run ended with the presentation of a red square for 22000 ms.",
    "TaskName": "Single-Digit Multiplication",
    "TotalReadoutTime": 0.0505746,
    "modality": "bold",
    "run_id": "02",
    "session_id": "T1",
    "subject_id": "130",
    "task_id": "Mult",
    "trial_type": {
      "Efalse": "Easy problem with incorrect answer",
      "Etrue": "Easy problem with correct answer",
      "Hfalse": "Hard problem with incorrect answer",
      "Htrue": "Hard problem with correct answer",
      "control": "Blue box judgement"
    }
  },
  "dummy_trs": 0,
  "dvars_nstd": 37.14884891654207,
  "dvars_std": 1.0827679548598133,
  "dvars_vstd": 1.0164031960747664,
  "efc": 0.488995287669845,
  "fber": 9045.7646484375,
  "fd_mean": 0.2850225593240843,
  "fd_num": 36,
  "fd_perc": 33.333333333333336,
  "fwhm_avg": 2.990945050874418,
  "fwhm_x": 3.0108625454545455,
  "fwhm_y": 3.8763461818181817,
  "fwhm_z": 2.085626425350527,
  "gcor": 0.0146383,
  "gsr_x": -0.006359480321407318,
  "gsr_y": 0.03022242896258831,
  "provenance": {
    "md5sum": "680ba3f9bb240f4cdee97fb9a20a4aae",
    "settings": {
      "fd_thres": 0.2,
      "hmc_fsl": false
    },
    "software": "mriqc",
    "version": "0.11.0",
    "webapi_port": null,
    "webapi_url": null
  },
  "size_t": 108,
  "size_x": 128,
  "size_y": 120,
  "size_z": 32,
  "snr": 6.170949301110105,
  "spacing_tr": 2.0,
  "spacing_x": 1.71875,
  "spacing_y": 1.71875,
  "spacing_z": 3.4800000190734863,
  "summary_bg_k": 69.22779354322624,
  "summary_bg_mad": 3.6915688514709473,
  "summary_bg_mean": 21.19900894165039,
  "summary_bg_median": 8.915145874023438,
  "summary_bg_n": 307304.0,
  "summary_bg_p05": 5.061021018028259,
  "summary_bg_p95": 87.27604064941396,
  "summary_bg_stdv": 53.53497314453125,
  "summary_fg_k": 5.664519152839034,
  "summary_fg_mad": 111.77964782714844,
  "summary_fg_mean": 863.9403076171875,
  "summary_fg_median": 868.55078125,
  "summary_fg_n": 109125.0,
  "summary_fg_p05": 668.1177856445314,
  "summary_fg_p95": 1061.184814453125,
  "summary_fg_stdv": 140.7476806640625,
  "tsnr": 39.85350036621094
}