{
	"Manufacturer": "Siemens",
	"ManufacturersModelName": "TrioTim",
	"SoftwareVersions": "syngo_MR_B17",
	"ScanningSequence": "GR_IR",
	"SequenceVariant": "SP_MP",
	"SequenceName": "_tfl3d1",
	"ImageType": ["ORIGINAL", "PRIMARY", "M", "ND", "NORM"],
	"MagneticFieldStrength": 3,
	"FlipAngle": 9,
	"EchoTime": 0.00336,
	"RepetitionTime": 2.3,
	"PhaseEncodingDirection": "i-"
}
